PATH
  remote: .
  specs:
    fishbowl (0.0.1)
      arduino_firmata
      args_parser (> 0.1.0)
      eventmachine
      haml
      hashie
      json
      rack
      sass
      sinatra (> 1.3.0)
      sinatra-cometio
      sinatra-contrib (> 1.3.0)
      thin

GEM
  remote: https://rubygems.org/
  specs:
    arduino_firmata (0.1.6)
      args_parser (>= 0.1.2, < 1.0.0)
      serialport (>= 1.1.0, < 2.0.0)
    args_parser (0.1.2)
    backports (2.6.5)
    daemons (1.1.9)
    event_emitter (0.1.0)
    eventmachine (1.0.0)
    haml (3.1.7)
    hashie (1.2.0)
    json (1.7.5)
    rack (1.4.1)
    rack-protection (1.2.0)
      rack
    rack-test (0.6.2)
      rack (>= 1.0)
    sass (3.2.3)
    serialport (1.1.0)
    sinatra (1.3.3)
      rack (~> 1.3, >= 1.3.6)
      rack-protection (~> 1.2)
      tilt (~> 1.3, >= 1.3.3)
    sinatra-cometio (0.0.8)
      event_emitter (>= 0.1.0)
      eventmachine (>= 1.0.0)
      json (>= 1.7.0)
      sinatra (>= 1.3.3)
      sinatra-contrib (>= 1.3.2)
    sinatra-contrib (1.3.2)
      backports (>= 2.0)
      eventmachine
      rack-protection
      rack-test
      sinatra (~> 1.3.0)
      tilt (~> 1.3)
    thin (1.5.0)
      daemons (>= 1.0.9)
      eventmachine (>= 0.12.6)
      rack (>= 1.0.0)
    tilt (1.3.3)

PLATFORMS
  ruby

DEPENDENCIES
  fishbowl!
